GEM
  remote: https://rubygems.org/
  specs:
    addressable (2.3.5)
    atomic (1.1.14)
    aws-ses (0.6.0)
      builder
      mail (> 2.2.5)
      mime-types
      xml-simple
    buftok (0.2.0)
    builder (3.2.2)
    descendants_tracker (0.0.3)
    diff-lcs (1.2.5)
    dogapi (1.20.0)
      multi_json
    dropbox-sdk (1.5.1)
      json
    equalizer (0.0.9)
    excon (0.31.0)
    faraday (0.8.8)
      multipart-post (~> 1.2.0)
    ffi (1.9.3)
    flowdock (0.4.0)
      httparty (~> 0.7)
      multi_json
    fog (1.19.0)
      builder
      excon (~> 0.31.0)
      formatador (~> 0.2.0)
      mime-types
      multi_json (~> 1.0)
      net-scp (~> 1.1)
      net-ssh (>= 2.1.3)
      nokogiri (~> 1.5)
      ruby-hmac
    formatador (0.2.4)
    fuubar (1.3.2)
      rspec (>= 2.14.0, < 3.1.0)
      ruby-progressbar (~> 1.3)
    hipchat (1.0.1)
      httparty
    http (0.5.0)
      http_parser.rb
    http_parser.rb (0.6.0)
    httparty (0.12.0)
      json (~> 1.8)
      multi_xml (>= 0.5.2)
    json (1.8.1)
    mail (2.5.4)
      mime-types (~> 1.16)
      treetop (~> 1.4.8)
    memoizable (0.4.0)
      thread_safe (~> 0.1.3)
    metaclass (0.0.1)
    mime-types (1.25.1)
    mini_portile (0.5.2)
    mocha (0.14.0)
      metaclass (~> 0.0.1)
    multi_json (1.8.2)
    multi_xml (0.5.5)
    multipart-post (1.2.0)
    net-scp (1.1.2)
      net-ssh (>= 2.6.5)
    net-sftp (2.1.2)
      net-ssh (>= 2.6.5)
    net-ssh (2.7.0)
    netrc (0.7.7)
    nokogiri (1.6.1)
      mini_portile (~> 0.5.0)
    open4 (1.3.0)
    pagerduty (2.0.1)
      json (>= 1.7.7)
    polyglot (0.3.3)
    qiniu (6.3.2)
      json (~> 1.7)
      mime-types (~> 1.19)
      rest-client (~> 1.6)
      ruby-hmac (~> 0.4)
    rake (10.3.2)
    rb-fsevent (0.9.4)
    rb-inotify (0.9.3)
      ffi (>= 0.5.0)
    redcarpet (3.0.0)
    rest-client (1.7.2)
      mime-types (>= 1.16, < 3.0)
      netrc (~> 0.7)
    rspec (2.14.1)
      rspec-core (~> 2.14.0)
      rspec-expectations (~> 2.14.0)
      rspec-mocks (~> 2.14.0)
    rspec-core (2.14.7)
    rspec-expectations (2.14.4)
      diff-lcs (>= 1.1.3, < 2.0)
    rspec-mocks (2.14.4)
    ruby-hmac (0.4.0)
    ruby-progressbar (1.4.0)
    simple_oauth (0.2.0)
    thor (0.19.1)
    thread_safe (0.1.3)
      atomic
    timecop (0.7.1)
    treetop (1.4.15)
      polyglot
      polyglot (>= 0.3.1)
    twitter (5.5.0)
      addressable (~> 2.3)
      buftok (~> 0.2.0)
      descendants_tracker (~> 0.0.3)
      equalizer (~> 0.0.9)
      faraday (>= 0.8, < 0.10)
      http (~> 0.5.0)
      http_parser.rb (~> 0.6.0)
      json (~> 1.8)
      memoizable (~> 0.4.0)
      simple_oauth (~> 0.2.0)
    unf (0.1.3)
      unf_ext
    unf_ext (0.0.6)
    xml-simple (1.1.5)
    yard (0.8.7.3)

PLATFORMS
  ruby

DEPENDENCIES
  aws-ses
  dogapi
  dropbox-sdk (= 1.5.1)
  flowdock
  fog
  fuubar
  hipchat
  json
  mail (= 2.5.4)
  mocha
  net-scp
  net-sftp
  net-ssh
  open4
  pagerduty
  qiniu (~> 6.3.1)
  rake
  rb-fsevent
  rb-inotify
  redcarpet
  rspec
  thor (~> 0.19.1)
  timecop
  twitter
  unf
  yard
